FRAMEWORK: NET452
NUGET
  remote: https://www.nuget.org/api/v2
    FSharp.Data (2.3.2)
    Http.fs (1.5.1)
    Newtonsoft.Json (9.0.1)
    SwaggerProvider (0.5.6)
      Newtonsoft.Json (>= 9.0.1)
      YamlDotNet (>= 3.9)
    YamlDotNet (4.1)
